PATH
  remote: .
  specs:
    has_scope (0.6.0.rc)
      actionpack (>= 3.2, < 5)
      activesupport (>= 3.2, < 5)

GEM
  remote: https://rubygems.org/
  specs:
    actionpack (4.2.0.rc1)
      actionview (= 4.2.0.rc1)
      activesupport (= 4.2.0.rc1)
      rack (~> 1.6.0.beta2)
      rack-test (~> 0.6.2)
      rails-dom-testing (~> 1.0, >= 1.0.5)
      rails-html-sanitizer (~> 1.0, >= 1.0.1)
    actionview (4.2.0.rc1)
      activesupport (= 4.2.0.rc1)
      builder (~> 3.1)
      erubis (~> 2.7.0)
      rails-dom-testing (~> 1.0, >= 1.0.5)
      rails-html-sanitizer (~> 1.0, >= 1.0.1)
    activesupport (4.2.0.rc1)
      i18n (>= 0.7.0.beta1, < 0.8)
      json (~> 1.7, >= 1.7.7)
      minitest (~> 5.1)
      thread_safe (~> 0.1)
      tzinfo (~> 1.1)
    builder (3.2.2)
    erubis (2.7.0)
    i18n (0.7.0.beta1)
    json (1.8.1)
    loofah (2.0.1)
      nokogiri (>= 1.5.9)
    metaclass (0.0.4)
    mini_portile (0.6.1)
    minitest (5.4.3)
    mocha (1.0.0)
      metaclass (~> 0.0.1)
    nokogiri (1.6.5)
      mini_portile (~> 0.6.0)
    rack (1.6.0.beta2)
    rack-test (0.6.2)
      rack (>= 1.0)
    rails-deprecated_sanitizer (1.0.3)
      activesupport (>= 4.2.0.alpha)
    rails-dom-testing (1.0.5)
      activesupport (>= 4.2.0.beta, < 5.0)
      nokogiri (~> 1.6.0)
      rails-deprecated_sanitizer (>= 1.0.1)
    rails-html-sanitizer (1.0.1)
      loofah (~> 2.0)
    rake (10.4.0)
    thread_safe (0.3.4)
    tzinfo (1.2.2)
      thread_safe (~> 0.1)

PLATFORMS
  ruby

DEPENDENCIES
  actionpack (~> 4.2.0.rc1)
  activesupport (~> 4.2.0.rc1)
  has_scope!
  mocha (~> 1.0.0)
  rake
